GIT
  remote: git://github.com/tyage/rkelly.git
  revision: e4d88af51e984ff8ce86ed3c40fa7d99c6557d5b
  specs:
    rkelly (0.0.7)

PATH
  remote: .
  specs:
    jetspider (0.0.1)

GEM
  remote: https://rubygems.org/
  specs:
    coderay (1.1.0)
    method_source (0.8.2)
    pry (0.10.1)
      coderay (~> 1.1.0)
      method_source (~> 0.8.1)
      slop (~> 3.4)
    slop (3.6.0)

PLATFORMS
  ruby

DEPENDENCIES
  jetspider!
  pry
  rkelly!

BUNDLED WITH
   1.12.5
